GIT
  remote: https://github.com/raphyduck/t411.git
  revision: 125d203b341594f840ba2c513410eadce7ecb1dd
  specs:
    t411 (0.0.12)

GEM
  remote: http://rubygems.org/
  specs:
    RubyInline (3.12.4)
      ZenTest (~> 4.3)
    ZenTest (4.11.1)
    activesupport (4.2.7.1)
      i18n (~> 0.7)
      json (~> 1.7, >= 1.7.7)
      minitest (~> 5.1)
      thread_safe (~> 0.3, >= 0.3.4)
      tzinfo (~> 1.1)
    concurrent-ruby (0.9.2)
    deluge-rpc (0.1.3)
      concurrent-ruby (~> 0.7)
      rencoder (~> 0.1)
    fuzzy-string-match (0.9.7)
      RubyInline (>= 3.8.6)
    i18n (0.7.0)
    imdb (0.8.2)
      nokogiri (= 1.6.2.1)
    json (1.8.6)
    mini_portile (0.6.0)
    minitest (5.10.1)
    net-ssh (4.0.1)
    nokogiri (1.6.2.1)
      mini_portile (= 0.6.0)
    rencoder (0.1.1)
    thread_safe (0.3.5)
    tzinfo (1.2.2)
      thread_safe (~> 0.1)

PLATFORMS
  ruby

DEPENDENCIES
  activesupport
  deluge-rpc
  fuzzy-string-match
  imdb (~> 0.8)
  net-ssh
  t411!

RUBY VERSION
   ruby 2.4.0p0

BUNDLED WITH
   1.14.3
