GIT
  remote: https://github.com/raphyduck/archive-zip.git
  revision: d585329765c324ab0f0a2364671429138a3e1971
  specs:
    archive-zip (0.12.0)
      io-like (~> 0.3.0)

GIT
  remote: https://github.com/raphyduck/deluge-rpc.git
  revision: 2cd39bce85f836492a2ab4045b77d6d28e3d38a7
  specs:
    deluge-rpc (0.2.2)
      concurrent-ruby (~> 1.1.8)
      rencoder (~> 0.2)

GIT
  remote: https://github.com/raphyduck/goodreads.git
  revision: 9c33913a0ac05b9fbc05498b28a0b4200ab23ed7
  specs:
    goodreads (0.7.0)
      activesupport (>= 3.0)
      i18n (>= 0.6, < 2)
      oauth (~> 0.4)
      rest-client (~> 2.0)

GIT
  remote: https://github.com/raphyduck/imdb-party.git
  revision: fb1636b2e440fc10a9b5a8fe5b24d74104cbaae6
  specs:
    imdb_party (0.8.0)
      httparty

GIT
  remote: https://github.com/raphyduck/mediainfo.git
  revision: 125e7a2995343cca4a9cc005b0cbdf3138328e34
  specs:
    mediainfo (1.5.0)

GIT
  remote: https://github.com/raphyduck/ruby-mp3info.git
  revision: 9a718b1b4d93fef5a21365be2dffaf62eeb839ea
  specs:
    ruby-mp3info (0.8.10)

GIT
  remote: https://github.com/raphyduck/ruby-rsync.git
  revision: 666a032c1ce872c13193d647c66ecb19a60438f2
  specs:
    rsync (1.1.1)

GIT
  remote: https://github.com/raphyduck/torznab-client
  revision: d6d01e9d04003f4e5ead42938898e07a34f33c5c
  branch: master
  specs:
    torznab-client (0.2.0)
      mechanize
      nokogiri (~> 1.8)

GIT
  remote: https://github.com/raphyduck/trakt.git
  revision: 987053f5b023500fae259903954cbd1dce829919
  specs:
    trakt (0.1.9.6)
      httparty
      simple_speaker

GIT
  remote: https://github.com/raphyduck/tvmaze.git
  revision: da0809ae775358326ffa346bd5097d865391a50d
  specs:
    tvmaze (0.1.3)
      rest-client (~> 2.0.0)

GIT
  remote: https://github.com/raphyduck/unrar.git
  revision: fb2f10eb84baea71994ddc885a3a5c92cd2a8af2
  specs:
    unrar (0.0.3)

GIT
  remote: https://github.com/raphyduck/xbmc-client.git
  revision: d5b802c65bd7040b1cd57c9098032089e6a27488
  specs:
    xbmc-client (0.1.3)
      activesupport (>= 3.0.0)
      httparty (>= 0.6.0)
      i18n
      json (>= 1.4.5)

GEM
  remote: http://rubygems.org/
  specs:
    Ascii85 (1.1.0)
    RubyInline (3.13.0)
      ZenTest (~> 4.3)
    ZenTest (4.12.1)
    activesupport (6.1.7.3)
      concurrent-ruby (~> 1.0, >= 1.0.2)
      i18n (>= 1.6, < 2)
      minitest (>= 5.1)
      tzinfo (~> 2.0)
      zeitwerk (~> 2.3)
    addressable (2.8.4)
      public_suffix (>= 2.0.2, < 6.0)
    afm (0.2.2)
    bencode (0.8.2)
    capybara (3.36.0)
      addressable
      matrix
      mini_mime (>= 0.1.3)
      nokogiri (~> 1.8)
      rack (>= 1.6.0)
      rack-test (>= 0.6.3)
      regexp_parser (>= 1.5, < 3.0)
      xpath (~> 3.2)
    cliver (0.3.2)
    concurrent-ruby (1.1.10)
    connection_pool (2.4.1)
    crass (1.0.6)
    date (3.3.3)
    domain_name (0.5.20190701)
      unf (>= 0.0.5, < 1.0.0)
    eventmachine (1.2.7)
    feedjira (3.2.1)
      loofah (>= 2.3.1)
      sax-machine (>= 1.0)
    ffi (1.15.5)
    flac2mp3 (0.4.2)
      flacinfo-rb (>= 0.4)
      ruby-mp3info (>= 0.5.1)
    flacinfo-rb (1.0)
    fuzzy-string-match (1.0.1)
      RubyInline (>= 3.8.6)
    get_process_mem (0.2.7)
      ffi (~> 1.0)
    hanami-mailer (1.3.3)
      hanami-utils (~> 1.3)
      mail (~> 2.6)
      tilt (~> 2.0, >= 2.0.1)
    hanami-utils (1.3.8)
      concurrent-ruby (~> 1.0)
      transproc (~> 1.0)
    hashery (2.1.2)
    hashie (5.0.0)
    http-cookie (1.0.5)
      domain_name (~> 0.5)
    httparty (0.21.0)
      mini_mime (>= 1.0.0)
      multi_xml (>= 0.5.2)
    i18n (1.13.0)
      concurrent-ruby (~> 1.0)
    io-like (0.3.1)
    json (2.6.3)
    loofah (2.21.3)
      crass (~> 1.0.2)
      nokogiri (>= 1.12.0)
    mail (2.8.1)
      mini_mime (>= 0.1.1)
      net-imap
      net-pop
      net-smtp
    matrix (0.4.2)
    mechanize (2.9.1)
      addressable (~> 2.8)
      domain_name (~> 0.5, >= 0.5.20190701)
      http-cookie (~> 1.0, >= 1.0.3)
      mime-types (~> 3.0)
      net-http-digest_auth (~> 1.4, >= 1.4.1)
      net-http-persistent (>= 2.5.2, < 5.0.dev)
      nokogiri (~> 1.11, >= 1.11.2)
      rubyntlm (~> 0.6, >= 0.6.3)
      webrick (~> 1.7)
      webrobots (~> 0.1.2)
    mime-types (3.4.1)
      mime-types-data (~> 3.2015)
    mime-types-data (3.2023.0218.1)
    mini_mime (1.1.2)
    mini_portile2 (2.8.2)
    minitest (5.18.0)
    multi_json (1.15.0)
    multi_xml (0.6.0)
    net-http-digest_auth (1.4.1)
    net-http-persistent (4.0.2)
      connection_pool (~> 2.2)
    net-imap (0.3.4)
      date
      net-protocol
    net-pop (0.1.2)
      net-protocol
    net-protocol (0.2.1)
      timeout
    net-smtp (0.3.3)
      net-protocol
    net-ssh (7.1.0)
    netrc (0.11.0)
    nokogiri (1.13.10)
      mini_portile2 (~> 2.8.0)
      racc (~> 1.4)
    oauth (0.6.2)
      snaky_hash (~> 2.0)
      version_gem (~> 1.1)
    pdf-reader (2.11.0)
      Ascii85 (~> 1.0)
      afm (~> 0.2.1)
      hashery (~> 2.0)
      ruby-rc4
      ttfunk
    poltergeist (1.18.1)
      capybara (>= 2.1, < 4)
      cliver (~> 0.3.1)
      websocket-driver (>= 0.2.0)
    public_suffix (5.0.1)
    racc (1.6.2)
    rack (3.0.7)
    rack-test (2.1.0)
      rack (>= 1.3)
    regexp_parser (2.8.0)
    rencoder (0.2.0)
    rest-client (2.0.2)
      http-cookie (>= 1.0.2, < 2.0)
      mime-types (>= 1.16, < 4.0)
      netrc (~> 0.8)
    ruby-rc4 (0.1.5)
    rubyntlm (0.6.3)
    sax-machine (1.3.2)
    simple_args_dispatch (0.4.4)
      simple_speaker (~> 0.3.0)
    simple_config_man (0.3.9)
      simple_speaker (~> 0.3.0)
    simple_speaker (0.3.0.8)
    snaky_hash (2.0.1)
      hashie
      version_gem (~> 1.1, >= 1.1.1)
    sqlite3 (1.5.3)
      mini_portile2 (~> 2.8.0)
    streamio-ffmpeg (3.0.2)
      multi_json (~> 1.8)
    themoviedb (1.0.1)
      httparty
    tilt (2.1.0)
    timeout (0.3.2)
    titleize (1.4.1)
    transproc (1.1.1)
    ttfunk (1.7.0)
    tvdb_party (0.9.3)
      httparty (>= 0.6.1)
    tzinfo (2.0.6)
      concurrent-ruby (~> 1.0)
    unf (0.1.4)
      unf_ext
    unf_ext (0.0.8.2)
    version_gem (1.1.2)
    webrick (1.8.1)
    webrobots (0.1.2)
    websocket-driver (0.7.5)
      websocket-extensions (>= 0.1.0)
    websocket-extensions (0.1.5)
    xpath (3.2.0)
      nokogiri (~> 1.8)
    zeitwerk (2.6.8)

PLATFORMS
  ruby

DEPENDENCIES
  activesupport
  archive-zip!
  bencode
  deluge-rpc!
  eventmachine
  feedjira
  flac2mp3
  fuzzy-string-match
  get_process_mem
  goodreads!
  hanami-mailer
  imdb_party!
  mechanize
  mediainfo!
  net-ssh
  nokogiri
  pdf-reader
  poltergeist
  rsync!
  ruby-mp3info!
  simple_args_dispatch (~> 0.4.0)
  simple_config_man (~> 0.3.8)
  simple_speaker (~> 0.3.0)
  sqlite3 (= 1.5.3)
  streamio-ffmpeg
  themoviedb
  titleize
  torznab-client!
  trakt!
  tvdb_party
  tvmaze!
  unrar!
  xbmc-client!

RUBY VERSION
   ruby 2.6.10p210

BUNDLED WITH
   1.17.3
