GIT
  remote: https://github.com/raphyduck/t411.git
  revision: 125d203b341594f840ba2c513410eadce7ecb1dd
  specs:
    t411 (0.0.12)

GEM
  remote: http://rubygems.org/
  specs:
    concurrent-ruby (0.9.2)
    deluge-rpc (0.1.3)
      concurrent-ruby (~> 0.7)
      rencoder (~> 0.1)
    imdb (0.8.2)
      nokogiri (= 1.6.2.1)
    mini_portile (0.6.0)
    nokogiri (1.6.2.1)
      mini_portile (= 0.6.0)
    rencoder (0.1.1)

PLATFORMS
  ruby

DEPENDENCIES
  deluge-rpc
  imdb (~> 0.8)
  t411!

RUBY VERSION
   ruby 2.4.0p0

BUNDLED WITH
   1.14.3
