GIT
  remote: https://github.com/raphyduck/deluge-rpc.git
  revision: 694a1caa9c7c1613c289e33bb217364ba6bbc4b4
  specs:
    deluge-rpc (0.1.4)
      concurrent-ruby (~> 0.7)
      rencoder (~> 0.1)

GIT
  remote: https://github.com/raphyduck/imdb.git
  revision: d01725b85b479c76a07c5ecf92bff06b5775c743
  specs:
    imdb (0.9)
      httparty_with_cookies
      nokogiri (= 1.6.5)

GIT
  remote: https://github.com/raphyduck/ruby-mp3info.git
  revision: e9d46e1264abc571bd8b2b2397a24b191b36208b
  specs:
    ruby-mp3info (0.8.10)

GIT
  remote: https://github.com/raphyduck/ruby-rsync.git
  revision: f1467e50e55b120be2d741313811b13d234ad358
  specs:
    rsync (1.0.9)

GIT
  remote: https://github.com/raphyduck/trakt.git
  revision: 448a5267708233083a934600f4764147be848af7
  specs:
    trakt (0.1.2)
      httparty

GIT
  remote: https://github.com/raphyduck/tvmaze.git
  revision: 4c819d66f041cad1e9b077f814278ce96e4f38a1
  specs:
    tvmaze (0.1.2)
      rest-client (~> 2.0.0)

GIT
  remote: https://github.com/raphyduck/unrar.git
  revision: fb2f10eb84baea71994ddc885a3a5c92cd2a8af2
  specs:
    unrar (0.0.3)

GIT
  remote: https://github.com/raphyduck/xbmc-client.git
  revision: 559e6104b884c1b2e0d799ecb1c34c563e977f57
  specs:
    xbmc-client (0.1.2)
      activesupport (>= 3.0.0)
      httparty (>= 0.6.0)
      i18n
      json (>= 1.4.5)

PATH
  remote: vendor/gems/activesupport-4.2.7.1
  specs:
    activesupport (4.2.7.1)
      i18n (~> 0.7)
      minitest (~> 5.1)
      thread_safe (~> 0.3, >= 0.3.4)
      tzinfo (~> 1.1)

GEM
  remote: http://rubygems.org/
  specs:
    Ascii85 (1.0.2)
    RubyInline (3.12.4)
      ZenTest (~> 4.3)
    ZenTest (4.11.1)
    afm (0.2.2)
    archive-zip (0.10.0)
      io-like (~> 0.3.0)
    bencode (0.8.2)
    concurrent-ruby (0.9.2)
    domain_name (0.5.20170404)
      unf (>= 0.0.5, < 1.0.0)
    faraday (0.13.1)
      multipart-post (>= 1.2, < 3)
    faraday_middleware (0.12.2)
      faraday (>= 0.7.4, < 1.0)
    ffi (1.9.18)
    fuzzy-string-match (1.0.1)
      RubyInline (>= 3.8.6)
    hanami-mailer (1.0.0)
      hanami-utils (~> 1.0)
      mail (~> 2.5)
      tilt (~> 2.0, >= 2.0.1)
    hanami-utils (1.0.4)
      transproc (~> 1.0)
    hashery (2.1.2)
    http-cookie (1.0.3)
      domain_name (~> 0.5)
    httparty (0.15.6)
      multi_xml (>= 0.5.2)
    httparty_with_cookies (0.2.2)
      httparty
    i18n (0.8.6)
    io-like (0.3.0)
    json (2.1.0)
    mail (2.6.6)
      mime-types (>= 1.16, < 4)
    mechanize (2.7.5)
      domain_name (~> 0.5, >= 0.5.1)
      http-cookie (~> 1.0)
      mime-types (>= 1.17.2)
      net-http-digest_auth (~> 1.1, >= 1.1.1)
      net-http-persistent (~> 2.5, >= 2.5.2)
      nokogiri (~> 1.6)
      ntlm-http (~> 0.1, >= 0.1.1)
      webrobots (>= 0.0.9, < 0.2)
    mime-types (3.1)
      mime-types-data (~> 3.2015)
    mime-types-data (3.2016.0521)
    mini_portile (0.6.2)
    minitest (5.10.3)
    multi_xml (0.6.0)
    multipart-post (2.0.0)
    net-http-digest_auth (1.4.1)
    net-http-persistent (2.9.4)
    net-ssh (4.2.0)
    netrc (0.11.0)
    nokogiri (1.6.5)
      mini_portile (~> 0.6.0)
    ntlm-http (0.1.1)
    pdf-reader (2.0.0)
      Ascii85 (~> 1.0.0)
      afm (~> 0.2.1)
      hashery (~> 2.0)
      ruby-rc4
      ttfunk
    rarbg (0.1.3)
      faraday (~> 0.10)
      faraday_middleware (~> 0.10)
    rencoder (0.1.1)
    rest-client (2.0.2)
      http-cookie (>= 1.0.2, < 2.0)
      mime-types (>= 1.16, < 4.0)
      netrc (~> 0.8)
    ruby-rc4 (0.1.5)
    simple_args_dispatch (0.1.8)
      simple_speaker (~> 0.1.4)
    simple_config_man (0.3.7)
      simple_speaker (~> 0.1.4)
    simple_speaker (0.1.4)
    sqlite3 (1.3.13)
    sys-filesystem (1.1.8)
      ffi
    thread_safe (0.3.6)
    tilt (2.0.8)
    titleize (1.4.1)
    transproc (1.0.2)
    ttfunk (1.5.1)
    tvdb_party (0.9.1)
      httparty (>= 0.6.1)
    tzinfo (1.2.3)
      thread_safe (~> 0.1)
    unf (0.1.4)
      unf_ext
    unf_ext (0.0.7.4)
    webrobots (0.1.2)

PLATFORMS
  ruby

DEPENDENCIES
  activesupport!
  archive-zip
  bencode
  deluge-rpc!
  fuzzy-string-match
  hanami-mailer
  httparty
  imdb!
  mechanize
  net-ssh
  nokogiri
  pdf-reader
  rarbg
  rsync!
  ruby-mp3info!
  simple_args_dispatch
  simple_config_man
  simple_speaker
  sqlite3
  sys-filesystem
  titleize
  trakt!
  tvdb_party
  tvmaze!
  unrar!
  xbmc-client!

RUBY VERSION
   ruby 2.4.0p0

BUNDLED WITH
   1.16.0.pre.3
