GIT
  remote: https://github.com/raphyduck/deluge-rpc.git
  revision: 694a1caa9c7c1613c289e33bb217364ba6bbc4b4
  specs:
    deluge-rpc (0.1.4)
      concurrent-ruby (~> 0.7)
      rencoder (~> 0.1)

GIT
  remote: https://github.com/raphyduck/imdb.git
  revision: d01725b85b479c76a07c5ecf92bff06b5775c743
  specs:
    imdb (0.9)
      httparty_with_cookies
      nokogiri (= 1.6.5)

GIT
  remote: https://github.com/raphyduck/t411.git
  revision: bb91593941a9ccd8d67ac577a784d6d64446a761
  specs:
    t411 (0.0.12)

GIT
  remote: https://github.com/raphyduck/trakt.git
  revision: e49634903626fb9ad6cf14f2f20a232bc7ecf2f4
  specs:
    trakt (0.0.2)
      excon

GEM
  remote: http://rubygems.org/
  specs:
    RubyInline (3.12.4)
      ZenTest (~> 4.3)
    ZenTest (4.11.1)
    activesupport (4.2.7.1)
      i18n (~> 0.7)
      json (~> 1.7, >= 1.7.7)
      minitest (~> 5.1)
      thread_safe (~> 0.3, >= 0.3.4)
      tzinfo (~> 1.1)
    bencode (0.8.2)
    concurrent-ruby (0.9.2)
    excon (0.54.0)
    fuzzy-string-match (0.9.7)
      RubyInline (>= 3.8.6)
    httparty (0.14.0)
      multi_xml (>= 0.5.2)
    httparty_with_cookies (0.2.1)
      httparty
    i18n (0.7.0)
    json (1.8.6)
    mini_portile (0.6.2)
    minitest (5.10.1)
    multi_xml (0.6.0)
    net-ssh (4.0.1)
    nokogiri (1.6.5)
      mini_portile (~> 0.6.0)
    rencoder (0.1.1)
    sqlite3 (1.3.13)
    thread_safe (0.3.5)
    tzinfo (1.2.2)
      thread_safe (~> 0.1)

PLATFORMS
  ruby

DEPENDENCIES
  activesupport
  bencode
  deluge-rpc!
  fuzzy-string-match
  httparty
  imdb!
  net-ssh
  nokogiri
  sqlite3
  t411!
  trakt!

RUBY VERSION
   ruby 2.4.0p0

BUNDLED WITH
   1.14.3
