GIT
  remote: https://github.com/raphyduck/archive-zip.git
  revision: 6f59e9bc339d1582c290e27c7c66f0bf6f453dd0
  specs:
    archive-zip (0.11.0)
      io-like (~> 0.3.0)

GIT
  remote: https://github.com/raphyduck/deluge-rpc.git
  revision: 3fdd65601e6eb4722fca0b83888070fe4c27e3f6
  specs:
    deluge-rpc (0.1.9)
      concurrent-ruby (>= 0.7, < 1.1)
      rencoder (~> 0.1)

GIT
  remote: https://github.com/raphyduck/goodreads.git
  revision: 71d57a0f5921011ed5ed9d48ccda64390b36b07b
  specs:
    goodreads (0.5.3)
      activesupport (>= 3.0)
      i18n (~> 0.5)
      oauth (~> 0.4)
      rest-client (~> 2.0)

GIT
  remote: https://github.com/raphyduck/imdb-party.git
  revision: fb1636b2e440fc10a9b5a8fe5b24d74104cbaae6
  specs:
    imdb_party (0.8.0)
      httparty

GIT
  remote: https://github.com/raphyduck/ruby-mp3info.git
  revision: e9d46e1264abc571bd8b2b2397a24b191b36208b
  specs:
    ruby-mp3info (0.8.10)

GIT
  remote: https://github.com/raphyduck/ruby-rsync.git
  revision: 666a032c1ce872c13193d647c66ecb19a60438f2
  specs:
    rsync (1.1.1)

GIT
  remote: https://github.com/raphyduck/trakt.git
  revision: 7dab3efcb40652eb4eb12ba7aa7e38c8f29295e8
  specs:
    trakt (0.1.9.4)
      httparty
      simple_speaker

GIT
  remote: https://github.com/raphyduck/tvmaze.git
  revision: da0809ae775358326ffa346bd5097d865391a50d
  specs:
    tvmaze (0.1.3)
      rest-client (~> 2.0.0)

GIT
  remote: https://github.com/raphyduck/unrar.git
  revision: fb2f10eb84baea71994ddc885a3a5c92cd2a8af2
  specs:
    unrar (0.0.3)

GIT
  remote: https://github.com/raphyduck/xbmc-client.git
  revision: d5b802c65bd7040b1cd57c9098032089e6a27488
  specs:
    xbmc-client (0.1.3)
      activesupport (>= 3.0.0)
      httparty (>= 0.6.0)
      i18n
      json (>= 1.4.5)

GEM
  remote: http://rubygems.org/
  specs:
    Ascii85 (1.0.3)
    RubyInline (3.12.4)
      ZenTest (~> 4.3)
    ZenTest (4.11.2)
    activesupport (5.2.3)
      concurrent-ruby (~> 1.0, >= 1.0.2)
      i18n (>= 0.7, < 2)
      minitest (~> 5.1)
      tzinfo (~> 1.1)
    addressable (2.7.0)
      public_suffix (>= 2.0.2, < 5.0)
    afm (0.2.2)
    bencode (0.8.2)
    capybara (3.29.0)
      addressable
      mini_mime (>= 0.1.3)
      nokogiri (~> 1.8)
      rack (>= 1.6.0)
      rack-test (>= 0.6.3)
      regexp_parser (~> 1.5)
      xpath (~> 3.2)
    cliver (0.3.2)
    concurrent-ruby (1.0.5)
    connection_pool (2.2.2)
    crass (1.0.5)
    domain_name (0.5.20190701)
      unf (>= 0.0.5, < 1.0.0)
    eventmachine (1.2.7)
    feedjira (3.0.0)
      loofah (>= 2.2.1)
      sax-machine (>= 1.0)
    flac2mp3 (0.4.2)
      flacinfo-rb (>= 0.4)
      ruby-mp3info (>= 0.5.1)
    flacinfo-rb (1.0)
    fuzzy-string-match (1.0.1)
      RubyInline (>= 3.8.6)
    hanami-mailer (1.3.1)
      hanami-utils (~> 1.3)
      mail (~> 2.6)
      tilt (~> 2.0, >= 2.0.1)
    hanami-utils (1.3.3)
      concurrent-ruby (~> 1.0)
      transproc (~> 1.0)
    hashery (2.1.2)
    http-cookie (1.0.3)
      domain_name (~> 0.5)
    httparty (0.17.1)
      mime-types (~> 3.0)
      multi_xml (>= 0.5.2)
    i18n (0.9.5)
      concurrent-ruby (~> 1.0)
    io-like (0.3.0)
    json (2.2.0)
    loofah (2.3.1)
      crass (~> 1.0.2)
      nokogiri (>= 1.5.9)
    mail (2.7.1)
      mini_mime (>= 0.1.1)
    mechanize (2.7.6)
      domain_name (~> 0.5, >= 0.5.1)
      http-cookie (~> 1.0)
      mime-types (>= 1.17.2)
      net-http-digest_auth (~> 1.1, >= 1.1.1)
      net-http-persistent (>= 2.5.2)
      nokogiri (~> 1.6)
      ntlm-http (~> 0.1, >= 0.1.1)
      webrobots (>= 0.0.9, < 0.2)
    mediainfo (1.3.3)
    mime-types (3.3)
      mime-types-data (~> 3.2015)
    mime-types-data (3.2019.1009)
    mini_mime (1.0.2)
    mini_portile2 (2.4.0)
    minitest (5.11.3)
    multi_json (1.13.1)
    multi_xml (0.6.0)
    net-http-digest_auth (1.4.1)
    net-http-persistent (3.1.0)
      connection_pool (~> 2.2)
    net-ssh (5.2.0)
    netrc (0.11.0)
    nokogiri (1.10.4)
      mini_portile2 (~> 2.4.0)
    ntlm-http (0.1.1)
    oauth (0.5.4)
    pdf-reader (2.2.1)
      Ascii85 (~> 1.0.0)
      afm (~> 0.2.1)
      hashery (~> 2.0)
      ruby-rc4
      ttfunk
    poltergeist (1.18.1)
      capybara (>= 2.1, < 4)
      cliver (~> 0.3.1)
      websocket-driver (>= 0.2.0)
    public_suffix (4.0.1)
    rack (2.0.7)
    rack-test (1.1.0)
      rack (>= 1.0, < 3)
    regexp_parser (1.6.0)
    rencoder (0.1.1)
    rest-client (2.0.2)
      http-cookie (>= 1.0.2, < 2.0)
      mime-types (>= 1.16, < 4.0)
      netrc (~> 0.8)
    ruby-rc4 (0.1.5)
    sax-machine (1.3.2)
    simple_args_dispatch (0.4.2)
      simple_speaker (~> 0.3.0)
    simple_config_man (0.3.9)
      simple_speaker (~> 0.3.0)
    simple_speaker (0.3.0.8)
    sqlite3 (1.4.1)
    streamio-ffmpeg (3.0.2)
      multi_json (~> 1.8)
    thread_safe (0.3.6)
    tilt (2.0.9)
    titleize (1.4.1)
    transproc (1.1.0)
    ttfunk (1.5.1)
    tvdb_party (0.9.3)
      httparty (>= 0.6.1)
    tzinfo (1.2.5)
      thread_safe (~> 0.1)
    unf (0.1.4)
      unf_ext
    unf_ext (0.0.7.6)
    webrobots (0.1.2)
    websocket-driver (0.7.1)
      websocket-extensions (>= 0.1.0)
    websocket-extensions (0.1.4)
    xpath (3.2.0)
      nokogiri (~> 1.8)

PLATFORMS
  ruby

DEPENDENCIES
  activesupport
  archive-zip!
  bencode
  capybara
  deluge-rpc!
  eventmachine
  feedjira
  flac2mp3
  fuzzy-string-match
  goodreads!
  hanami-mailer
  httparty
  imdb_party!
  mechanize
  mediainfo
  net-ssh
  nokogiri
  pdf-reader
  poltergeist
  rsync!
  ruby-mp3info!
  simple_args_dispatch (~> 0.4.0)
  simple_config_man (~> 0.3.8)
  simple_speaker (~> 0.3.0)
  sqlite3
  streamio-ffmpeg
  titleize
  trakt!
  tvdb_party
  tvmaze!
  unrar!
  xbmc-client!

RUBY VERSION
   ruby 2.4.2p198

BUNDLED WITH
   1.16.6
