GIT
  remote: https://github.com/raphyduck/archive-zip.git
  revision: d585329765c324ab0f0a2364671429138a3e1971
  specs:
    archive-zip (0.12.0)
      io-like (~> 0.3.0)

GIT
  remote: https://github.com/raphyduck/deluge-rpc.git
  revision: f039539418ac577647625a7ca07a1238e29a76d2
  specs:
    deluge-rpc (0.2.2)
      concurrent-ruby (~> 1.1.8)
      rencoder (~> 0.2)

GIT
  remote: https://github.com/raphyduck/imdb-party.git
  revision: fb1636b2e440fc10a9b5a8fe5b24d74104cbaae6
  specs:
    imdb_party (0.8.0)
      httparty

GIT
  remote: https://github.com/raphyduck/mediainfo.git
  revision: 125e7a2995343cca4a9cc005b0cbdf3138328e34
  specs:
    mediainfo (1.5.0)

GIT
  remote: https://github.com/raphyduck/ruby-rsync.git
  revision: 666a032c1ce872c13193d647c66ecb19a60438f2
  specs:
    rsync (1.1.1)

GIT
  remote: https://github.com/raphyduck/torznab-client
  revision: d6d01e9d04003f4e5ead42938898e07a34f33c5c
  branch: master
  specs:
    torznab-client (0.2.0)
      mechanize
      nokogiri (~> 1.8)

GIT
  remote: https://github.com/raphyduck/trakt.git
  revision: b5fc5c209e65798e938ca415eb0b91123b75ec8c
  specs:
    trakt (0.1.9.6)
      httparty
      simple_speaker

GIT
  remote: https://github.com/raphyduck/tvmaze.git
  revision: da0809ae775358326ffa346bd5097d865391a50d
  specs:
    tvmaze (0.1.3)
      rest-client (~> 2.0.0)

GIT
  remote: https://github.com/raphyduck/unrar.git
  revision: fb2f10eb84baea71994ddc885a3a5c92cd2a8af2
  specs:
    unrar (0.0.3)

GIT
  remote: https://github.com/raphyduck/xbmc-client.git
  revision: d5b802c65bd7040b1cd57c9098032089e6a27488
  specs:
    xbmc-client (0.1.3)
      activesupport (>= 3.0.0)
      httparty (>= 0.6.0)
      i18n
      json (>= 1.4.5)

GEM
  remote: http://rubygems.org/
  specs:
    RubyInline (3.14.2)
      ZenTest (~> 4.3)
    ZenTest (4.12.2)
    activesupport (7.1.5.1)
      base64
      benchmark (>= 0.3)
      bigdecimal
      concurrent-ruby (~> 1.0, >= 1.0.2)
      connection_pool (>= 2.2.5)
      drb
      i18n (>= 1.6, < 2)
      logger (>= 1.4.2)
      minitest (>= 5.1)
      mutex_m
      securerandom (>= 0.3)
      tzinfo (~> 2.0)
    addressable (2.8.7)
      public_suffix (>= 2.0.2, < 7.0)
    base64 (0.3.0)
    bcrypt (3.1.20)
    benchmark (0.4.1)
    bencode (1.0.0)
    bigdecimal (3.2.2)
    capybara (3.40.0)
      addressable
      matrix
      mini_mime (>= 0.1.3)
      nokogiri (~> 1.11)
      rack (>= 1.6.0)
      rack-test (>= 0.6.3)
      regexp_parser (>= 1.5, < 3.0)
      xpath (~> 3.2)
    cliver (0.3.2)
    concurrent-ruby (1.1.10)
    connection_pool (2.5.3)
    crass (1.0.6)
    csv (3.3.5)
    date (3.4.1)
    domain_name (0.6.20240107)
    drb (2.2.3)
    feedjira (3.2.5)
      loofah (>= 2.3.1, < 3)
      sax-machine (>= 1.0, < 2)
    ffi (1.17.2-x86_64-linux-gnu)
    fuzzy-string-match (1.0.1)
      RubyInline (>= 3.8.6)
    get_process_mem (1.0.0)
      bigdecimal (>= 2.0)
      ffi (~> 1.0)
    hanami-mailer (1.3.3)
      hanami-utils (~> 1.3)
      mail (~> 2.6)
      tilt (~> 2.0, >= 2.0.1)
    hanami-utils (1.3.8)
      concurrent-ruby (~> 1.0)
      transproc (~> 1.0)
    http-cookie (1.0.8)
      domain_name (~> 0.5)
    httparty (0.23.1)
      csv
      mini_mime (>= 1.0.0)
      multi_xml (>= 0.5.2)
    i18n (1.14.7)
      concurrent-ruby (~> 1.0)
    io-like (0.3.1)
    json (2.13.2)
    logger (1.5.3)
    loofah (2.24.1)
      crass (~> 1.0.2)
      nokogiri (>= 1.12.0)
    mail (2.8.1)
      mini_mime (>= 0.1.1)
      net-imap
      net-pop
      net-smtp
    matrix (0.4.3)
    mechanize (2.14.0)
      addressable (~> 2.8)
      base64
      domain_name (~> 0.5, >= 0.5.20190701)
      http-cookie (~> 1.0, >= 1.0.3)
      mime-types (~> 3.3)
      net-http-digest_auth (~> 1.4, >= 1.4.1)
      net-http-persistent (>= 2.5.2, < 5.0.dev)
      nkf
      nokogiri (~> 1.11, >= 1.11.2)
      rubyntlm (~> 0.6, >= 0.6.3)
      webrick (~> 1.7)
      webrobots (~> 0.1.2)
    mime-types (3.7.0)
      logger
      mime-types-data (~> 3.2025, >= 3.2025.0507)
    mime-types-data (3.2025.0805)
    mini_mime (1.1.5)
    mini_portile2 (2.8.9)
    minitest (5.25.5)
    multi_json (1.17.0)
    multi_xml (0.7.2)
      bigdecimal (~> 3.1)
    mutex_m (0.3.0)
    net-http-digest_auth (1.4.1)
    net-http-persistent (4.0.6)
      connection_pool (~> 2.2, >= 2.2.4)
    net-imap (0.5.9)
      date
      net-protocol
    net-pop (0.1.2)
      net-protocol
    net-protocol (0.2.2)
      timeout
    net-smtp (0.5.1)
      net-protocol
    net-ssh (7.3.0)
    netrc (0.11.0)
    nkf (0.2.0)
    nokogiri (1.18.9-x86_64-linux-gnu)
      racc (~> 1.4)
    poltergeist (1.18.1)
      capybara (>= 2.1, < 4)
      cliver (~> 0.3.1)
      websocket-driver (>= 0.2.0)
    public_suffix (6.0.2)
    racc (1.8.1)
    rack (3.2.0)
    rack-test (2.2.0)
      rack (>= 1.3)
    rake (13.3.0)
    regexp_parser (2.11.1)
    rencoder (0.2.0)
    rest-client (2.0.2)
      http-cookie (>= 1.0.2, < 2.0)
      mime-types (>= 1.16, < 4.0)
      netrc (~> 0.8)
    rexml (3.4.2)
    rubyntlm (0.6.5)
      base64
    rubyzip (3.2.1)
    sax-machine (1.3.2)
    securerandom (0.4.1)
    selenium-webdriver (4.38.0)
      base64 (~> 0.2)
      logger (~> 1.4)
      rexml (~> 3.2, >= 3.2.5)
      rubyzip (>= 1.2.2, < 4.0)
      websocket (~> 1.0)
    sequel (5.97.0)
      bigdecimal
      simple_speaker (~> 0.3.0)
    simple_speaker (0.3.0.8)
    sqlite3 (1.5.3)
      mini_portile2 (~> 2.8.0)
    streamio-ffmpeg (3.0.2)
      multi_json (~> 1.8)
    themoviedb (1.0.2)
      httparty
    tilt (2.6.1)
    timeout (0.4.3)
    titleize (1.4.1)
    transproc (1.1.1)
    tvdb_party (0.9.3)
      httparty (>= 0.6.1)
    tzinfo (2.0.6)
      concurrent-ruby (~> 1.0)
    webrick (1.9.1)
    webrobots (0.1.2)
    websocket (1.2.11)
    websocket-driver (0.8.0)
      base64
      websocket-extensions (>= 0.1.0)
    websocket-extensions (0.1.5)
    xpath (3.2.0)
      nokogiri (~> 1.8)
    zeitwerk (2.6.12)

PLATFORMS
  x86_64-linux

DEPENDENCIES
  archive-zip!
  bcrypt
  bencode
  concurrent-ruby
  deluge-rpc!
  feedjira
  fuzzy-string-match
  get_process_mem
  hanami-mailer
  imdb_party!
  logger (< 1.6)
  mechanize
  mediainfo!
  net-ssh
  nokogiri
  poltergeist
  rake
  rexml
  rsync!
  selenium-webdriver
  sequel
  simple_speaker (~> 0.3.0)
  sqlite3 (= 1.5.3)
  streamio-ffmpeg
  themoviedb
  titleize
  torznab-client!
  trakt!
  tvdb_party
  tvmaze!
  unrar!
  xbmc-client!
  zeitwerk

RUBY VERSION
   ruby 3.2.3p157

BUNDLED WITH
   2.4.10
