GIT
  remote: https://github.com/raphyduck/deluge-rpc.git
  revision: 694a1caa9c7c1613c289e33bb217364ba6bbc4b4
  specs:
    deluge-rpc (0.1.4)
      concurrent-ruby (~> 0.7)
      rencoder (~> 0.1)

GIT
  remote: https://github.com/raphyduck/imdb.git
  revision: d01725b85b479c76a07c5ecf92bff06b5775c743
  specs:
    imdb (0.9)
      httparty_with_cookies
      nokogiri (= 1.6.5)

GIT
  remote: https://github.com/raphyduck/ruby-mp3info.git
  revision: 40f8f1a2945d2261232e90b4f34325649ccd86ad
  specs:
    ruby-mp3info (0.8.10)

GIT
  remote: https://github.com/raphyduck/t411.git
  revision: a1c7d0d229f15c721029ee66d38be02b18e5a37c
  specs:
    t411 (0.0.14)

GIT
  remote: https://github.com/raphyduck/trakt.git
  revision: 448a5267708233083a934600f4764147be848af7
  specs:
    trakt (0.1.2)
      httparty

GIT
  remote: https://github.com/raphyduck/tvmaze.git
  revision: 4c819d66f041cad1e9b077f814278ce96e4f38a1
  specs:
    tvmaze (0.1.2)
      rest-client (~> 2.0.0)

GIT
  remote: https://github.com/raphyduck/xbmc-client.git
  revision: 559e6104b884c1b2e0d799ecb1c34c563e977f57
  specs:
    xbmc-client (0.1.2)
      activesupport (>= 3.0.0)
      httparty (>= 0.6.0)
      i18n
      json (>= 1.4.5)

PATH
  remote: vendor/gems/activesupport-4.2.7.1
  specs:
    activesupport (4.2.7.1)
      i18n (~> 0.7)
      minitest (~> 5.1)
      thread_safe (~> 0.3, >= 0.3.4)
      tzinfo (~> 1.1)

GEM
  remote: http://rubygems.org/
  specs:
    Ascii85 (1.0.2)
    RubyInline (3.12.4)
      ZenTest (~> 4.3)
    ZenTest (4.11.1)
    afm (0.2.2)
    bencode (0.8.2)
    concurrent-ruby (0.9.2)
    domain_name (0.5.20161129)
      unf (>= 0.0.5, < 1.0.0)
    ffi (1.9.17)
    fuzzy-string-match (0.9.7)
      RubyInline (>= 3.8.6)
    hanami-mailer (0.4.0)
      hanami-utils (~> 0.9)
      mail (~> 2.5)
      tilt (~> 2.0, >= 2.0.1)
    hanami-utils (0.9.2)
    hashery (2.1.2)
    http-cookie (1.0.3)
      domain_name (~> 0.5)
    httparty (0.14.0)
      multi_xml (>= 0.5.2)
    httparty_with_cookies (0.2.1)
      httparty
    i18n (0.8.0)
    json (2.0.3)
    mail (2.6.4)
      mime-types (>= 1.16, < 4)
    mime-types (3.1)
      mime-types-data (~> 3.2015)
    mime-types-data (3.2016.0521)
    mini_portile (0.6.2)
    minitest (5.10.1)
    multi_xml (0.6.0)
    net-ssh (4.0.1)
    netrc (0.11.0)
    nokogiri (1.6.5)
      mini_portile (~> 0.6.0)
    pdf-reader (1.4.1)
      Ascii85 (~> 1.0.0)
      afm (~> 0.2.1)
      hashery (~> 2.0)
      ruby-rc4
      ttfunk
    rencoder (0.1.1)
    rest-client (2.0.0)
      http-cookie (>= 1.0.2, < 2.0)
      mime-types (>= 1.16, < 4.0)
      netrc (~> 0.8)
    rsync (1.0.9)
    ruby-rc4 (0.1.5)
    sqlite3 (1.3.13)
    sys-filesystem (1.1.7)
      ffi
    thread_safe (0.3.5)
    tilt (2.0.6)
    ttfunk (1.4.0)
    tzinfo (1.2.2)
      thread_safe (~> 0.1)
    unf (0.1.4)
      unf_ext
    unf_ext (0.0.7.2)
    zipruby (0.3.6)

PLATFORMS
  ruby

DEPENDENCIES
  activesupport!
  bencode
  deluge-rpc!
  fuzzy-string-match
  hanami-mailer
  httparty
  imdb!
  net-ssh
  nokogiri
  pdf-reader
  rsync
  ruby-mp3info!
  sqlite3
  sys-filesystem
  t411!
  trakt!
  tvmaze!
  xbmc-client!
  zipruby

RUBY VERSION
   ruby 2.4.0p0

BUNDLED WITH
   1.14.3
