GIT
  remote: https://github.com/raphyduck/archive-zip.git
  revision: 9ef2019e13a50e2c6e22507018a69e7cc0fa14e1
  specs:
    archive-zip (0.10.0)
      io-like (~> 0.3.0)

GIT
  remote: https://github.com/raphyduck/deluge-rpc.git
  revision: 7188716d578aa1a780824db662ce5e74cbc84f18
  specs:
    deluge-rpc (0.1.7)
      concurrent-ruby (~> 0.7)
      rencoder (~> 0.1)

GIT
  remote: https://github.com/raphyduck/goodreads.git
  revision: 71d57a0f5921011ed5ed9d48ccda64390b36b07b
  specs:
    goodreads (0.5.3)
      activesupport (>= 3.0)
      i18n (~> 0.5)
      oauth (~> 0.4)
      rest-client (~> 2.0)

GIT
  remote: https://github.com/raphyduck/imdb-party.git
  revision: fb1636b2e440fc10a9b5a8fe5b24d74104cbaae6
  specs:
    imdb_party (0.8.0)
      httparty

GIT
  remote: https://github.com/raphyduck/ruby-mp3info.git
  revision: e9d46e1264abc571bd8b2b2397a24b191b36208b
  specs:
    ruby-mp3info (0.8.10)

GIT
  remote: https://github.com/raphyduck/ruby-rsync.git
  revision: 666a032c1ce872c13193d647c66ecb19a60438f2
  specs:
    rsync (1.1.1)

GIT
  remote: https://github.com/raphyduck/trakt.git
  revision: 8bcb2bf243c26414e2464d53da9c34b078077935
  specs:
    trakt (0.1.3)
      httparty
      simple_speaker

GIT
  remote: https://github.com/raphyduck/tvmaze.git
  revision: da0809ae775358326ffa346bd5097d865391a50d
  specs:
    tvmaze (0.1.3)
      rest-client (~> 2.0.0)

GIT
  remote: https://github.com/raphyduck/unrar.git
  revision: fb2f10eb84baea71994ddc885a3a5c92cd2a8af2
  specs:
    unrar (0.0.3)

GIT
  remote: https://github.com/raphyduck/xbmc-client.git
  revision: d5b802c65bd7040b1cd57c9098032089e6a27488
  specs:
    xbmc-client (0.1.3)
      activesupport (>= 3.0.0)
      httparty (>= 0.6.0)
      i18n
      json (>= 1.4.5)

GEM
  remote: http://rubygems.org/
  specs:
    Ascii85 (1.0.3)
    RubyInline (3.12.4)
      ZenTest (~> 4.3)
    ZenTest (4.11.1)
    activesupport (4.2.10)
      i18n (~> 0.7)
      minitest (~> 5.1)
      thread_safe (~> 0.3, >= 0.3.4)
      tzinfo (~> 1.1)
    addressable (2.5.2)
      public_suffix (>= 2.0.2, < 4.0)
    afm (0.2.2)
    bencode (0.8.2)
    capybara (2.18.0)
      addressable
      mini_mime (>= 0.1.3)
      nokogiri (>= 1.3.3)
      rack (>= 1.0.0)
      rack-test (>= 0.5.4)
      xpath (>= 2.0, < 4.0)
    cliver (0.3.2)
    concurrent-ruby (0.9.2)
    crass (1.0.4)
    domain_name (0.5.20180417)
      unf (>= 0.0.5, < 1.0.0)
    eventmachine (1.2.5)
    faraday (0.15.0)
      multipart-post (>= 1.2, < 3)
    faraday_middleware (0.12.2)
      faraday (>= 0.7.4, < 1.0)
    feedjira (2.1.4)
      faraday (>= 0.9)
      faraday_middleware (>= 0.9)
      loofah (>= 2.0)
      sax-machine (>= 1.0)
    ffi (1.9.23)
    fuzzy-string-match (1.0.1)
      RubyInline (>= 3.8.6)
    hanami-mailer (1.0.0)
      hanami-utils (~> 1.0)
      mail (~> 2.5)
      tilt (~> 2.0, >= 2.0.1)
    hanami-utils (1.0.4)
      transproc (~> 1.0)
    hashery (2.1.2)
    http-cookie (1.0.3)
      domain_name (~> 0.5)
    httparty (0.16.2)
      multi_xml (>= 0.5.2)
    i18n (0.8.6)
    io-like (0.3.0)
    json (2.1.0)
    loofah (2.2.2)
      crass (~> 1.0.2)
      nokogiri (>= 1.5.9)
    mail (2.7.0)
      mini_mime (>= 0.1.1)
    mechanize (2.7.5)
      domain_name (~> 0.5, >= 0.5.1)
      http-cookie (~> 1.0)
      mime-types (>= 1.17.2)
      net-http-digest_auth (~> 1.1, >= 1.1.1)
      net-http-persistent (~> 2.5, >= 2.5.2)
      nokogiri (~> 1.6)
      ntlm-http (~> 0.1, >= 0.1.1)
      webrobots (>= 0.0.9, < 0.2)
    mime-types (3.1)
      mime-types-data (~> 3.2015)
    mime-types-data (3.2016.0521)
    mini_mime (1.0.0)
    mini_portile2 (2.3.0)
    minitest (5.11.3)
    multi_xml (0.6.0)
    multipart-post (2.0.0)
    net-http-digest_auth (1.4.1)
    net-http-persistent (2.9.4)
    net-ssh (4.2.0)
    netrc (0.11.0)
    nokogiri (1.8.2)
      mini_portile2 (~> 2.3.0)
    ntlm-http (0.1.1)
    oauth (0.5.4)
    pdf-reader (2.1.0)
      Ascii85 (~> 1.0.0)
      afm (~> 0.2.1)
      hashery (~> 2.0)
      ruby-rc4
      ttfunk
    poltergeist (1.17.0)
      capybara (~> 2.1)
      cliver (~> 0.3.1)
      websocket-driver (>= 0.2.0)
    public_suffix (3.0.2)
    rack (2.0.4)
    rack-test (1.0.0)
      rack (>= 1.0, < 3)
    rencoder (0.1.1)
    rest-client (2.0.2)
      http-cookie (>= 1.0.2, < 2.0)
      mime-types (>= 1.16, < 4.0)
      netrc (~> 0.8)
    ruby-rc4 (0.1.5)
    sax-machine (1.3.2)
    simple-rss (1.3.1)
    simple_args_dispatch (0.3.9)
      simple_speaker (~> 0.2.0)
    simple_config_man (0.3.8)
      simple_speaker (~> 0.2.0)
    simple_speaker (0.2.9.1)
    sqlite3 (1.3.13)
    sys-filesystem (1.1.9)
      ffi
    thread_safe (0.3.6)
    tilt (2.0.8)
    titleize (1.4.1)
    transproc (1.0.2)
    ttfunk (1.5.1)
    tvdb_party (0.9.3)
      httparty (>= 0.6.1)
    tzinfo (1.2.5)
      thread_safe (~> 0.1)
    unf (0.1.4)
      unf_ext
    unf_ext (0.0.7.5)
    webrobots (0.1.2)
    websocket-driver (0.7.0)
      websocket-extensions (>= 0.1.0)
    websocket-extensions (0.1.3)
    xpath (3.0.0)
      nokogiri (~> 1.8)

PLATFORMS
  ruby

DEPENDENCIES
  activesupport
  archive-zip!
  bencode
  capybara
  deluge-rpc!
  eventmachine
  feedjira
  fuzzy-string-match
  goodreads!
  hanami-mailer
  httparty
  imdb_party!
  mechanize
  net-ssh
  nokogiri
  pdf-reader
  poltergeist
  rsync!
  ruby-mp3info!
  simple-rss
  simple_args_dispatch
  simple_config_man
  simple_speaker (~> 0.2.3)
  sqlite3
  sys-filesystem
  titleize
  trakt!
  tvdb_party
  tvmaze!
  unrar!
  xbmc-client!

RUBY VERSION
   ruby 2.4.2p198

BUNDLED WITH
   1.16.0
